GEM
  remote: https://rubygems.org/
  specs:
    coderay (1.1.0)
    conject (0.1.8)
    cri (2.1.0)
    diff-lcs (1.2.5)
    faster_xml_simple (0.5.0)
      libxml-ruby (>= 0.3.8.4)
    ffi (1.9.10)
    gamebox (0.5.5)
      conject (>= 0.0.8)
      gosu
      i18n
      kvo (>= 0.1.0)
      listen (>= 2.4.0)
      publisher
      require_all
      thor
      tween
    gosu (0.10.4)
    httpclient (2.7.0.1)
    i18n (0.7.0)
    json (1.8.3)
    kvo (0.1.0)
      publisher
    libxml-ruby (2.8.0)
    listen (3.0.5)
      rb-fsevent (>= 0.9.3)
      rb-inotify (>= 0.9)
    method_source (0.8.2)
    mini_portile (0.6.2)
    net-github-upload (0.0.8)
      faster_xml_simple
      httpclient
      json
      nokogiri (>= 1.4.0)
    nokogiri (1.6.6.4)
      mini_portile (~> 0.6.0)
    ocra (1.3.6)
    pry (0.10.2)
      coderay (~> 1.1.0)
      method_source (~> 0.8.1)
      slop (~> 3.4)
    publisher (1.1.2)
    rake (0.9.2.2)
    rb-fsevent (0.9.6)
    rb-inotify (0.9.5)
      ffi (>= 0.5.0)
    releasy (0.2.2)
      cri (~> 2.1.0)
      net-github-upload (~> 0.0.8)
      ocra (~> 1.3.0)
      rake (~> 0.9.2.2)
      thor (~> 0.14.6)
    require_all (1.3.3)
    rspec (3.4.0)
      rspec-core (~> 3.4.0)
      rspec-expectations (~> 3.4.0)
      rspec-mocks (~> 3.4.0)
    rspec-core (3.4.1)
      rspec-support (~> 3.4.0)
    rspec-expectations (3.4.0)
      diff-lcs (>= 1.2.0, < 2.0)
      rspec-support (~> 3.4.0)
    rspec-mocks (3.4.0)
      diff-lcs (>= 1.2.0, < 2.0)
      rspec-support (~> 3.4.0)
    rspec-support (3.4.1)
    slop (3.6.0)
    thor (0.14.6)
    tween (0.1.2)

PLATFORMS
  ruby

DEPENDENCIES
  conject
  gamebox (~> 0.5.0)
  pry
  rake
  releasy
  require_all
  rspec

BUNDLED WITH
   1.10.6
